GIT
  remote: git://github.com/netDalek/json-rpc-objects.git
  revision: 6ff3067c48caca06c0cea85e6094b3455b595f98
  specs:
    json-rpc-objects (0.4.3)
      abstract (>= 1.0.0)
      addressable (>= 2.2.2)
      json-rpc-objects-json (>= 0.1.1)

PATH
  remote: .
  specs:
    ferryman (0.0.1)
      activesupport
      json-rpc-objects
      redis

GEM
  remote: https://rubygems.org/
  specs:
    abstract (1.0.0)
    activesupport (4.1.6)
      i18n (~> 0.6, >= 0.6.9)
      json (~> 1.7, >= 1.7.7)
      minitest (~> 5.1)
      thread_safe (~> 0.1)
      tzinfo (~> 1.1)
    addressable (2.3.6)
    coderay (1.1.0)
    diff-lcs (1.2.5)
    i18n (0.6.11)
    json (1.8.1)
    json-rpc-objects-json (0.1.1)
      multi_json
    method_source (0.8.2)
    minitest (5.4.2)
    multi_json (1.10.1)
    pry (0.9.12.6)
      coderay (~> 1.0)
      method_source (~> 0.8)
      slop (~> 3.4)
    rake (10.3.2)
    redis (3.1.0)
    rspec (3.1.0)
      rspec-core (~> 3.1.0)
      rspec-expectations (~> 3.1.0)
      rspec-mocks (~> 3.1.0)
    rspec-core (3.1.5)
      rspec-support (~> 3.1.0)
    rspec-expectations (3.1.2)
      diff-lcs (>= 1.2.0, < 2.0)
      rspec-support (~> 3.1.0)
    rspec-mocks (3.1.2)
      rspec-support (~> 3.1.0)
    rspec-support (3.1.1)
    slop (3.5.0)
    thread_safe (0.3.4)
    tzinfo (1.2.2)
      thread_safe (~> 0.1)

PLATFORMS
  ruby

DEPENDENCIES
  bundler (~> 1.3)
  ferryman!
  json-rpc-objects!
  pry
  rake
  rspec
